GEM
  remote: http://rubygems.org/
  specs:
    chunky_png (1.2.5)
    rake (0.9.2.2)

PLATFORMS
  ruby

DEPENDENCIES
  chunky_png
  rake
